GEM
  remote: https://rubygems.org/
  specs:
    colorize (0.8.1)
    lolize (0.0.3)
      paint (~> 0.8.3)
    paint (0.8.7)
    pastel (0.8.0)
      tty-color (~> 0.5)
    tty-color (0.6.0)
    tty-cursor (0.7.1)
    tty-prompt (0.22.0)
      pastel (~> 0.8)
      tty-reader (~> 0.8)
    tty-reader (0.9.0)
      tty-cursor (~> 0.7)
      tty-screen (~> 0.8)
      wisper (~> 2.0)
    tty-screen (0.8.1)
    wisper (2.0.1)

PLATFORMS
  ruby

DEPENDENCIES
  colorize (~> 0.8.1)
  lolize (~> 0.0.3)
  tty-prompt (~> 0.22.0)

BUNDLED WITH
   2.1.4
